PATH
  remote: .
  specs:
    neato (0.1.0)

GEM
  remote: https://rubygems.org/
  specs:
    bourbon (4.3.1)
      sass (~> 3.4)
      thor (~> 0.19)
    minitest (5.10.1)
    neat (1.8.0)
      sass (>= 3.3)
      thor (~> 0.19)
    rake (12.0.0)
    sass (3.4.22)
    thor (0.19.4)

PLATFORMS
  ruby

DEPENDENCIES
  bourbon (= 4.3.1)
  bundler
  minitest
  neat (= 1.8.0)
  neato!
  rake
  sass (= 3.4.22)

BUNDLED WITH
   1.14.3
